PATH
  remote: .
  specs:
    minitest-set (0.1.0)
      minitest

GEM
  remote: https://rubygems.org/
  specs:
    minitest (5.15.0)
    rake (13.0.6)

PLATFORMS
  arm64-darwin-20

DEPENDENCIES
  minitest (~> 5.0)
  minitest-set!
  rake (~> 13.0)

BUNDLED WITH
   2.2.30
